GEM
  remote: http://rubygems.org/
  specs:
    bson (1.9.2)
    builder (3.2.2)
    childprocess (0.3.9)
      ffi (~> 1.0, >= 1.0.11)
    ci_reporter (1.9.1)
      builder (>= 2.1.2)
    diff-lcs (1.2.5)
    ffi (1.9.0-x86-mingw32)
    mongo (1.9.2)
      bson (~> 1.9.2)
    multi_json (1.8.2)
    parallel (0.8.2)
    parallel_tests (0.16.6)
      parallel
    rspec (2.14.1)
      rspec-core (~> 2.14.0)
      rspec-expectations (~> 2.14.0)
      rspec-mocks (~> 2.14.0)
    rspec-core (2.14.7)
    rspec-expectations (2.14.4)
      diff-lcs (>= 1.1.3, < 2.0)
    rspec-mocks (2.14.4)
    rubyzip (1.1.0)
    selenium-webdriver (2.39.0)
      childprocess (>= 0.2.5)
      multi_json (~> 1.0)
      rubyzip (~> 1.0)
      websocket (~> 1.0.4)
    syntax (1.0.0)
    websocket (1.0.7)
    yarjuf (1.0.5)
      builder
      rspec (>= 2.0)

PLATFORMS
  x86-mingw32

DEPENDENCIES
  ci_reporter
  ffi (= 1.9.0)
  mongo (= 1.9.2)
  parallel (= 0.8.2)
  parallel_tests
  rspec (= 2.14.1)
  selenium-webdriver (= 2.39.0)
  syntax (= 1.0.0)
  yarjuf (= 1.0.5)
